PATH
  remote: .
  specs:
    httpit (0.4.9)
      haml (~> 6.1.1)
      kramdown (~> 2.4.0)
      sass (~> 3.7.4)
      sinatra (~> 3.0.6)

GEM
  remote: https://rubygems.org/
  specs:
    ffi (1.15.5)
    haml (6.1.1)
      temple (>= 0.8.2)
      thor
      tilt
    kramdown (2.4.0)
      rexml
    mustermann (3.0.0)
      ruby2_keywords (~> 0.0.1)
    rack (2.2.7)
    rack-protection (3.0.6)
      rack
    rb-fsevent (0.11.2)
    rb-inotify (0.10.1)
      ffi (~> 1.0)
    rexml (3.2.5)
    ruby2_keywords (0.0.5)
    sass (3.7.4)
      sass-listen (~> 4.0.0)
    sass-listen (4.0.0)
      rb-fsevent (~> 0.9, >= 0.9.4)
      rb-inotify (~> 0.9, >= 0.9.7)
    sinatra (3.0.6)
      mustermann (~> 3.0)
      rack (~> 2.2, >= 2.2.4)
      rack-protection (= 3.0.6)
      tilt (~> 2.0)
    temple (0.10.2)
    thor (1.2.2)
    tilt (2.2.0)

PLATFORMS
  ruby

DEPENDENCIES
  httpit!

BUNDLED WITH
   2.4.10
