PATH
  remote: .
  specs:
    httpit (0.4.4)
      RedCloth (~> 4.2.9)
      haml (~> 4.0.2)
      sass (~> 3.2.8)
      sinatra (~> 1.4.2)

GEM
  remote: https://rubygems.org/
  specs:
    RedCloth (4.2.9)
    haml (4.0.3)
      tilt
    rack (1.5.2)
    rack-protection (1.5.0)
      rack
    sass (3.2.12)
    sinatra (1.4.3)
      rack (~> 1.4)
      rack-protection (~> 1.4)
      tilt (~> 1.3, >= 1.3.4)
    tilt (1.4.1)

PLATFORMS
  ruby

DEPENDENCIES
  httpit!
