PATH
  remote: .
  specs:
    httpit (0.4.8)
      haml (~> 4.0.2)
      kramdown (~> 1.3.0)
      sass (~> 3.2.8)
      sinatra (~> 1.4.2)

GEM
  remote: https://rubygems.org/
  specs:
    haml (4.0.4)
      tilt
    kramdown (1.3.0)
    rack (1.5.2)
    rack-protection (1.5.1)
      rack
    sass (3.2.13)
    sinatra (1.4.4)
      rack (~> 1.4)
      rack-protection (~> 1.4)
      tilt (~> 1.3, >= 1.3.4)
    tilt (1.4.1)

PLATFORMS
  ruby

DEPENDENCIES
  httpit!
